PATH
  remote: .
  specs:
    message_bus_client_worker (0.1.0)
      gem_config

GEM
  remote: https://rubygems.org/
  specs:
    diff-lcs (1.3)
    gem_config (0.3.1)
    rake (10.5.0)
    rspec (3.7.0)
      rspec-core (~> 3.7.0)
      rspec-expectations (~> 3.7.0)
      rspec-mocks (~> 3.7.0)
    rspec-core (3.7.1)
      rspec-support (~> 3.7.0)
    rspec-expectations (3.7.0)
      diff-lcs (>= 1.2.0, < 2.0)
      rspec-support (~> 3.7.0)
    rspec-mocks (3.7.0)
      diff-lcs (>= 1.2.0, < 2.0)
      rspec-support (~> 3.7.0)
    rspec-support (3.7.1)

PLATFORMS
  ruby

DEPENDENCIES
  bundler (~> 1.16)
  message_bus_client_worker!
  rake (~> 10.0)
  rspec (~> 3.0)

BUNDLED WITH
   1.16.2
