GEM
  remote: https://rubygems.org/
  specs:
    light-service (0.12.0)
    message_bus (2.1.5)
      rack (>= 1.1.3)
    mustermann (1.0.2)
    puma (3.12.4)
    rack (2.0.5)
    rack-protection (2.0.3)
      rack
    sinatra (2.0.3)
      mustermann (~> 1.0)
      rack (~> 2.0)
      rack-protection (= 2.0.3)
      tilt (~> 2.0)
    tilt (2.0.8)

PLATFORMS
  ruby

DEPENDENCIES
  light-service
  message_bus
  puma
  sinatra

BUNDLED WITH
   1.16.3
